GEM
  remote: http://rubygems.org/
  specs:
    addressable (2.2.8)
    bson (1.6.2)
    bson_ext (1.6.2)
      bson (~> 1.6.2)
    diff-lcs (1.1.3)
    em-websocket (0.3.6)
      addressable (>= 2.1.1)
      eventmachine (>= 0.12.9)
    eventmachine (0.12.10)
    git (1.2.5)
    haml (3.1.6)
    jeweler (1.8.3)
      bundler (~> 1.0)
      git (>= 1.2.5)
      rake
      rdoc
    json (1.7.3)
    launchy (2.1.0)
      addressable (~> 2.2.6)
    mongo (1.6.2)
      bson (~> 1.6.2)
    multi_json (1.3.5)
    rack (1.4.1)
    rack-protection (1.2.0)
      rack
    rake (0.9.2.2)
    rdoc (3.12)
      json (~> 1.4)
    rspec (2.8.0)
      rspec-core (~> 2.8.0)
      rspec-expectations (~> 2.8.0)
      rspec-mocks (~> 2.8.0)
    rspec-core (2.8.0)
    rspec-expectations (2.8.0)
      diff-lcs (~> 1.1.2)
    rspec-mocks (2.8.0)
    simplecov (0.6.4)
      multi_json (~> 1.0)
      simplecov-html (~> 0.5.3)
    simplecov-html (0.5.3)
    sinatra (1.3.2)
      rack (~> 1.3, >= 1.3.6)
      rack-protection (~> 1.2)
      tilt (~> 1.3, >= 1.3.3)
    tilt (1.3.3)
    uuidtools (2.1.2)

PLATFORMS
  ruby

DEPENDENCIES
  bson_ext
  bundler
  em-websocket
  haml
  jeweler (~> 1.8.3)
  launchy
  mongo
  rdoc (~> 3.12)
  rspec (~> 2.8.0)
  simplecov
  sinatra
  uuidtools
