GEM
  remote: http://rubygems.org/
  specs:
    addressable (2.2.1)
    bson (1.1)
    configuration (1.2.0)
    em-websocket (0.1.4)
      addressable (>= 2.1.1)
      eventmachine (>= 0.12.9)
    eventmachine (0.12.10)
    haml (3.1.1)
    launchy (0.4.0)
      configuration (>= 0.0.5)
      rake (>= 0.8.1)
    mongo (1.1)
      bson (>= 1.0.5)
    rack (1.3.0)
    rake (0.9.0)
    sinatra (1.2.6)
      rack (~> 1.1)
      tilt (>= 1.2.2, < 2.0)
    tilt (1.3.2)
    uuidtools (2.1.1)

PLATFORMS
  ruby

DEPENDENCIES
  em-websocket
  haml (~> 3.1.1)
  launchy (~> 0.4.0)
  mongo (~> 1.0)
  sinatra (~> 1.2.6)
  uuidtools
