GEM
  remote: http://rubygems.org/
  specs:
    addressable (2.2.7)
    bson (1.5.2)
    em-websocket (0.3.6)
      addressable (>= 2.1.1)
      eventmachine (>= 0.12.9)
    eventmachine (0.12.10)
    haml (3.1.4)
    launchy (2.0.5)
      addressable (~> 2.2.6)
    mongo (1.5.2)
      bson (= 1.5.2)
    rack (1.4.1)
    rack-protection (1.2.0)
      rack
    sinatra (1.3.2)
      rack (~> 1.3, >= 1.3.6)
      rack-protection (~> 1.2)
      tilt (~> 1.3, >= 1.3.3)
    tilt (1.3.3)
    uuidtools (2.1.2)

PLATFORMS
  ruby

DEPENDENCIES
  em-websocket
  haml
  launchy
  mongo
  sinatra
  uuidtools
