GEM
  remote: http://rubygems.org/
  specs:
    addressable (2.2.1)
    bson (1.1)
    em-websocket (0.1.4)
      addressable (>= 2.1.1)
      eventmachine (>= 0.12.9)
    eventmachine (0.12.10)
    mongo (1.1)
      bson (>= 1.0.5)
    uuidtools (2.1.1)

PLATFORMS
  ruby

DEPENDENCIES
  bson
  em-websocket
  mongo
  uuidtools
